GEM
  remote: http://rubygems.org/
  specs:
    blankslate (2.1.2.3)
    parslet (1.0.0)
      blankslate (~> 2.1.2.3)

PLATFORMS
  ruby

DEPENDENCIES
  parslet (~> 1.0)
